GEM
  remote: https://rubygems.org/
  specs:
    apexcharts (0.1.9)
      smart_kv (~> 0.2.8)
    backports (3.18.1)
    multi_json (1.14.1)
    mustermann (1.1.1)
      ruby2_keywords (~> 0.0.1)
    rack (2.2.3)
    rack-protection (2.0.8.1)
      rack
    ruby2_keywords (0.0.2)
    sinatra (2.0.8.1)
      mustermann (~> 1.0)
      rack (~> 2.0)
      rack-protection (= 2.0.8.1)
      tilt (~> 2.0)
    sinatra-contrib (2.0.8.1)
      backports (>= 2.8.2)
      multi_json
      mustermann (~> 1.0)
      rack-protection (= 2.0.8.1)
      sinatra (= 2.0.8.1)
      tilt (~> 2.0)
    smart_kv (0.2.8.1)
    thread_safe (0.3.6-java)
    tilt (2.0.10)
    tzinfo (1.2.7)
      thread_safe (~> 0.1)
    tzinfo-data (1.2020.1)
      tzinfo (>= 1.0.0)

PLATFORMS
  java

DEPENDENCIES
  apexcharts (= 0.1.9)
  sinatra (= 2.0.8.1)
  sinatra-contrib (= 2.0.8.1)
  tzinfo (= 1.2.7)
  tzinfo-data (= 1.2020.1)

RUBY VERSION
   ruby 2.5.3p0 (jruby 9.2.7.0)

BUNDLED WITH
   2.1.4
